GEM
  remote: https://rubygems.org/
  specs:
    activemodel (6.0.3.3)
      activesupport (= 6.0.3.3)
    activerecord (6.0.3.3)
      activemodel (= 6.0.3.3)
      activesupport (= 6.0.3.3)
    activesupport (6.0.3.3)
      concurrent-ruby (~> 1.0, >= 1.0.2)
      i18n (>= 0.7, < 2)
      minitest (~> 5.1)
      tzinfo (~> 1.1)
      zeitwerk (~> 2.2, >= 2.2.2)
    byebug (11.1.1)
    coderay (1.1.2)
    commander-openflighthpc (1.2.0)
      highline (~> 1.7.2)
      paint (~> 2.1.0)
    concurrent-ruby (1.1.7)
    hashie (4.1.0)
    highline (1.7.10)
    i18n (1.8.5)
      concurrent-ruby (~> 1.0)
    method_source (0.9.2)
    minitest (5.14.2)
    paint (2.1.1)
    pry (0.12.2)
      coderay (~> 1.1.0)
      method_source (~> 0.9.0)
    pry-byebug (3.8.0)
      byebug (~> 11.0)
      pry (~> 0.10)
    simple_json_api (0.0.5)
      activerecord (>= 4.0)
    thread_safe (0.3.6)
    tzinfo (1.2.7)
      thread_safe (~> 0.1)
    xdg (4.2.0)
    zeitwerk (2.4.0)

PLATFORMS
  ruby

DEPENDENCIES
  commander-openflighthpc
  hashie
  pry
  pry-byebug
  simple_json_api
  xdg

BUNDLED WITH
   2.1.4
