GEM
  remote: https://rubygems.org/
  specs:
    byebug (11.1.1)
    coderay (1.1.2)
    commander-openflighthpc (2.2.0)
      highline (> 1.7.2)
      paint (~> 2.1.0)
      slop (~> 4.8)
    faraday (0.17.3)
      multipart-post (>= 1.2, < 3)
    faraday_middleware (0.14.0)
      faraday (>= 0.7.4, < 1.0)
    hashie (4.1.0)
    highline (2.0.3)
    method_source (0.9.2)
    multipart-post (2.1.1)
    paint (2.1.1)
    pry (0.12.2)
      coderay (~> 1.1.0)
      method_source (~> 0.9.0)
    pry-byebug (3.8.0)
      byebug (~> 11.0)
      pry (~> 0.10)
    simple_jsonapi_client (0.2.4)
      faraday (~> 0.12)
      faraday_middleware (~> 0.11)
    slop (4.8.2)
    xdg (4.2.0)

PLATFORMS
  ruby

DEPENDENCIES
  commander-openflighthpc
  hashie
  pry
  pry-byebug
  simple_jsonapi_client
  xdg

BUNDLED WITH
   2.1.4
